GEM
  remote: https://rubygems.org/
  specs:
    actionpack (4.0.0)
      activesupport (= 4.0.0)
      builder (~> 3.1.0)
      erubis (~> 2.7.0)
      rack (~> 1.5.2)
      rack-test (~> 0.6.2)
    activesupport (4.0.0)
      i18n (~> 0.6, >= 0.6.4)
      minitest (~> 4.2)
      multi_json (~> 1.3)
      thread_safe (~> 0.1)
      tzinfo (~> 0.3.37)
    bcrypt (3.1.20)
    builder (3.1.4)
    concurrent-ruby (1.3.5)
    devise (3.5.2)
      bcrypt (~> 3.0)
      orm_adapter (~> 0.1)
      railties (>= 3.2.6, < 5)
      responders
      thread_safe (~> 0.1)
      warden (~> 1.2.3)
    erubis (2.7.0)
    i18n (0.9.5)
      concurrent-ruby (~> 1.0)
    json (2.3.0)
    minitest (4.7.5)
    multi_json (1.17.0)
    orm_adapter (0.5.0)
    rack (1.5.2)
    rack-test (0.6.3)
      rack (>= 1.0)
    railties (4.0.0)
      actionpack (= 4.0.0)
      activesupport (= 4.0.0)
      rake (>= 0.8.7)
      thor (>= 0.18.1, < 2.0)
    rake (13.3.0)
    responders (1.1.2)
      railties (>= 3.2, < 4.2)
    thor (1.4.0)
    thread_safe (0.3.6)
    tzinfo (0.3.62)
    warden (1.2.7)
      rack (>= 1.0)

PLATFORMS
  arm64-darwin-23
  ruby

DEPENDENCIES
  actionpack (= 4.0.0)
  devise (= 3.5.2)
  json (= 2.3.0)
  rack (= 1.5.2)

BUNDLED WITH
   2.5.14
